GIT
  remote: https://github.com/tdiary/tdiary-contrib.git
  revision: d1e41204db13879c22787fff1bae2446590bdfc8
  specs:
    tdiary-contrib (5.1.5)
      coderay
      holiday_japan
      pushbullet_ruby
      tdiary (~> 5.0)

GIT
  remote: https://github.com/tdiary/tdiary-core.git
  revision: 6da2f05a38908b7477bb796631fe7088ce486757
  specs:
    tdiary (5.1.5)
      bundler (>= 1.3, < 3.0)
      emot
      fastimage
      hikidoc
      mail
      rack
      rake
      rexml
      thor
      webrick

GEM
  remote: https://rubygems.org/
  specs:
    ansi (1.5.0)
    ast (2.4.2)
    coderay (1.1.3)
    commonmarker (0.21.2)
      ruby-enum (~> 0.5)
    concurrent-ruby (1.1.8)
    emot (0.0.4)
      thor
    faraday (0.17.4)
      multipart-post (>= 1.2, < 3)
    fastimage (2.2.3)
    hikidoc (0.1.0)
    holiday_japan (1.4.4)
    i18n (1.8.9)
      concurrent-ruby (~> 1.0)
    mail (2.7.1)
      mini_mime (>= 0.1.1)
    mime-types (3.3.1)
      mime-types-data (~> 3.2015)
    mime-types-data (3.2021.0225)
    mini_mime (1.0.2)
    multipart-post (2.1.1)
    newrelic_rpm (6.15.0)
    nio4r (2.5.7)
    oga (3.3)
      ast
      ruby-ll (~> 2.1)
    puma (5.2.2)
      nio4r (~> 2.0)
    pushbullet_ruby (1.1.4)
      faraday (>= 0.13.0, < 1.0)
      mime-types
    rack (2.2.3)
    rake (13.0.3)
    rexml (3.2.4)
    ruby-enum (0.9.0)
      i18n
    ruby-ll (2.1.2)
      ansi
      ast
    tdiary-style-gfm (1.0.0)
      commonmarker
      emot
      twitter-text (~> 1.0)
    thor (1.1.0)
    twitter-text (1.14.2)
      unf (~> 0.1.0)
    unf (0.1.4)
      unf_ext
    unf_ext (0.0.7.7)
    webrick (1.7.0)

PLATFORMS
  ruby

DEPENDENCIES
  newrelic_rpm
  oga
  puma
  rake
  tdiary!
  tdiary-contrib!
  tdiary-style-gfm
  twitter-text (= 1.14.2)

BUNDLED WITH
   2.2.13
