GIT
  remote: http://github.com/tdiary/tdiary-contrib.git
  revision: f6fcb3c226c53f18e5e8cc995e37615bedfac2bf
  specs:
    tdiary-contrib (5.0.5)
      ruby-pushbullet
      tdiary

GIT
  remote: http://github.com/tdiary/tdiary-core.git
  revision: bfaffb6fbbcaf71b20982271242cdb443cf76d69
  specs:
    tdiary (5.0.5)
      bundler (~> 1.3)
      emot
      fastimage
      hikidoc
      mail
      rack
      rake
      sprockets
      thor

GEM
  remote: http://rubygems.org/
  specs:
    ansi (1.5.0)
    ast (2.3.0)
    concurrent-ruby (1.0.5)
    domain_name (0.5.20170404)
      unf (>= 0.0.5, < 1.0.0)
    emot (0.0.4)
      thor
    fastimage (2.1.0)
    github-markdown (0.6.9)
    hikidoc (0.1.0)
    http-cookie (1.0.3)
      domain_name (~> 0.5)
    json (2.1.0)
    mail (2.6.6)
      mime-types (>= 1.16, < 4)
    mime-types (2.99.3)
    netrc (0.11.0)
    newrelic_rpm (4.2.0.334)
    oga (2.10)
      ast
      ruby-ll (~> 2.1)
    puma (3.9.1)
    rack (2.0.3)
    rake (12.0.0)
    rest-client (1.8.0)
      http-cookie (>= 1.0.2, < 2.0)
      mime-types (>= 1.16, < 3.0)
      netrc (~> 0.7)
    rouge (2.1.1)
    ruby-ll (2.1.2)
      ansi
      ast
    ruby-pushbullet (0.1.4)
      json
      rest-client (~> 1.8.0)
    sprockets (3.7.1)
      concurrent-ruby (~> 1.0)
      rack (> 1, < 3)
    tdiary-style-gfm (0.4.1)
      emot
      github-markdown
      rouge (>= 2.0)
      twitter-text
    thor (0.19.4)
    twitter-text (1.14.2)
      unf (~> 0.1.0)
    unf (0.1.4)
      unf_ext
    unf_ext (0.0.7.4)

PLATFORMS
  ruby

DEPENDENCIES
  newrelic_rpm
  oga
  puma
  tdiary!
  tdiary-contrib!
  tdiary-style-gfm
  twitter-text (= 1.14.2)

BUNDLED WITH
   1.13.7
