GIT
  remote: https://github.com/tdiary/tdiary-contrib.git
  revision: a40096d3fb487a38619e8f24d11367ae59b50238
  specs:
    tdiary-contrib (5.0.7)
      pushbullet_ruby
      tdiary

GIT
  remote: https://github.com/tdiary/tdiary-core.git
  revision: 25390d4bb69b50097f2819574660aaceecb978d0
  specs:
    tdiary (5.0.7)
      bundler (~> 1.3)
      emot
      fastimage
      hikidoc
      mail
      rack
      rake
      sprockets
      thor

GEM
  remote: https://rubygems.org/
  specs:
    ansi (1.5.0)
    ast (2.3.0)
    concurrent-ruby (1.0.5)
    emot (0.0.4)
      thor
    faraday (0.13.1)
      multipart-post (>= 1.2, < 3)
    fastimage (2.1.1)
    github-markdown (0.6.9)
    hikidoc (0.1.0)
    mail (2.7.0)
      mini_mime (>= 0.1.1)
    mime-types (3.1)
      mime-types-data (~> 3.2015)
    mime-types-data (3.2016.0521)
    mini_mime (1.0.0)
    multipart-post (2.0.0)
    newrelic_rpm (4.7.1.340)
    oga (2.12)
      ast
      ruby-ll (~> 2.1)
    puma (3.11.0)
    pushbullet_ruby (1.1.2)
      faraday (~> 0.13.0)
      mime-types
    rack (2.0.3)
    rake (12.3.0)
    rouge (3.1.0)
    ruby-ll (2.1.2)
      ansi
      ast
    sprockets (3.7.1)
      concurrent-ruby (~> 1.0)
      rack (> 1, < 3)
    tdiary-style-gfm (0.5.2)
      emot
      github-markdown
      rouge (>= 2.2)
      twitter-text (~> 1.0)
    thor (0.20.0)
    twitter-text (1.14.2)
      unf (~> 0.1.0)
    unf (0.1.4)
      unf_ext
    unf_ext (0.0.7.4)

PLATFORMS
  ruby

DEPENDENCIES
  newrelic_rpm
  oga
  puma
  rake
  tdiary!
  tdiary-contrib!
  tdiary-style-gfm
  twitter-text (= 1.14.2)

BUNDLED WITH
   1.15.4
