GIT
  remote: https://github.com/tdiary/tdiary-contrib.git
  revision: 596d83919497a4ad42bd408960f52fc389f6ec16
  specs:
    tdiary-contrib (5.0.6)
      ruby-pushbullet
      tdiary

GIT
  remote: https://github.com/tdiary/tdiary-core.git
  revision: dfdc78b2571a578a711df1aeb32363c1b73c16bf
  specs:
    tdiary (5.0.5)
      bundler (~> 1.3)
      emot
      fastimage
      hikidoc
      mail
      rack
      rake
      sprockets
      thor

GEM
  remote: https://rubygems.org/
  specs:
    ansi (1.5.0)
    ast (2.3.0)
    concurrent-ruby (1.0.5)
    domain_name (0.5.20170404)
      unf (>= 0.0.5, < 1.0.0)
    emot (0.0.4)
      thor
    fastimage (2.1.0)
    github-markdown (0.6.9)
    hikidoc (0.1.0)
    http-cookie (1.0.3)
      domain_name (~> 0.5)
    json (2.1.0)
    mail (2.6.6)
      mime-types (>= 1.16, < 4)
    mime-types (2.99.3)
    netrc (0.11.0)
    newrelic_rpm (4.5.0.337)
    oga (2.11)
      ast
      ruby-ll (~> 2.1)
    puma (3.10.0)
    rack (2.0.3)
    rake (12.1.0)
    rest-client (1.8.0)
      http-cookie (>= 1.0.2, < 2.0)
      mime-types (>= 1.16, < 3.0)
      netrc (~> 0.7)
    rouge (3.0.0)
    ruby-ll (2.1.2)
      ansi
      ast
    ruby-pushbullet (0.1.4)
      json
      rest-client (~> 1.8.0)
    sprockets (3.7.1)
      concurrent-ruby (~> 1.0)
      rack (> 1, < 3)
    tdiary-style-gfm (0.5.1)
      emot
      github-markdown
      rouge (>= 2.2)
      twitter-text
    thor (0.20.0)
    twitter-text (1.14.2)
      unf (~> 0.1.0)
    unf (0.1.4)
      unf_ext
    unf_ext (0.0.7.4)

PLATFORMS
  ruby

DEPENDENCIES
  newrelic_rpm
  oga
  puma
  rake
  tdiary!
  tdiary-contrib!
  tdiary-style-gfm
  twitter-text (= 1.14.2)

BUNDLED WITH
   1.15.3
